GEM
  remote: http://rubygems.org/
  specs:
    activesupport (3.2.0.rc1)
      i18n (~> 0.6)
      multi_json (~> 1.0)
    graticule (2.2.0)
      activesupport
      happymapper (>= 0.3.0)
      i18n
      json
    happymapper (0.4.0)
      libxml-ruby (~> 2.0)
    i18n (0.6.0)
    json (1.6.4)
    libxml-ruby (2.2.2)
    multi_json (1.0.4)
    nestful (0.0.7)
      activesupport (>= 3.0.0.beta)
    redis (2.2.2)
    sqlite3 (1.3.5)

PLATFORMS
  ruby

DEPENDENCIES
  graticule
  nestful
  redis
  sqlite3
